PATH
  remote: .
  specs:
    check-ahead (0.1.0)

GEM
  remote: https://rubygems.org/
  specs:
    rake (10.5.0)

PLATFORMS
  ruby
  x86_64-darwin-18

DEPENDENCIES
  bundler (~> 2.0)
  check-ahead!
  rake (~> 10.0)

BUNDLED WITH
   2.0.2
